PATH
  remote: /Users/hirofumiwakasugi/Laboratory/nilsteps
  specs:
    nilsteps (0.0.1)
      bpm_to_msec (~> 0.0.1)
      osc-ruby (~> 1.1, >= 1.1.1)

GEM
  remote: https://rubygems.org/
  specs:
    activesupport (4.2.6)
      i18n (~> 0.7)
      json (~> 1.7, >= 1.7.7)
      minitest (~> 5.1)
      thread_safe (~> 0.3, >= 0.3.4)
      tzinfo (~> 1.1)
    bpm_to_msec (0.0.1)
    concurrent-ruby (1.0.2)
    i18n (0.7.0)
    json (1.8.3)
    minitest (5.8.4)
    osc-ruby (1.1.1)
    paint (1.0.1)
    rukawa (0.4.0)
      activesupport (>= 4)
      concurrent-ruby
      paint
      terminal-table
      thor
    terminal-table (1.5.2)
    thor (0.19.1)
    thread_safe (0.3.5)
    tzinfo (1.2.2)
      thread_safe (~> 0.1)

PLATFORMS
  ruby

DEPENDENCIES
  nilsteps!
  rukawa

BUNDLED WITH
   1.12.1
